{
    "AcquisitionMatrixPE": 62,
    "AcquisitionNumber": 1,
    "AcquisitionTime": "14:29:31.615000",
    "BandwidthPerPixelPhaseEncode": 47.4,
    "BaseResolution": 86,
    "BodyPartExamined": "BRAIN",
    "ConsistencyInfo": "N4_VE11C_LATEST_20160120",
    "ConversionSoftware": "dcm2niix",
    "ConversionSoftwareVersion": "v1.0.20190410  GCC6.3.0",
    "DerivedVendorReportedEchoSpacing": 0.000490629,
    "DeviceSerialNumber": "166003",
    "DwellTime": 2.3e-06,
    "EchoNumber": 3,
    "EchoTime": 0.04428,
    "EchoTrainLength": 31,
    "EffectiveEchoSpacing": 0.000245314,
    "FlipAngle": 77,
    "ImageComments": "Single-band_reference",
    "ImageOrientationPatientDICOM": [
        1,
        0,
        0,
        0,
        0.866025,
        -0.5
    ],
    "ImageType": [
        "ORIGINAL",
        "PRIMARY",
        "M",
        "TE3",
        "ND",
        "MOSAIC"
    ],
    "ImagingFrequency": 123.249,
    "InPlanePhaseEncodingDirectionDICOM": "COL",
    "InstitutionAddress": "SW_8TH_ST_OE116_11200_MIAMI_Med-Lab_US_33199",
    "InstitutionName": "FIU_Center_For_Imaging_Science",
    "InstitutionalDepartmentName": "Department",
    "MRAcquisitionType": "2D",
    "MagneticFieldStrength": 3,
    "Manufacturer": "Siemens",
    "ManufacturersModelName": "Prisma",
    "Modality": "MR",
    "ParallelReductionFactorInPlane": 2,
    "PartialFourier": 1,
    "PatientPosition": "HFS",
    "PercentPhaseFOV": 100,
    "PhaseEncodingDirection": "j-",
    "PhaseEncodingSteps": 62,
    "PhaseResolution": 0.72,
    "PixelBandwidth": 2530,
    "ProcedureStepDescription": "Laird_Laird_DIVA",
    "ProtocolName": "func_task-StrangerThingsS01E01_run-02",
    "PulseSequenceDetails": "%CustomerSeq%_cmrr_mbep2d_bold",
    "ReceiveCoilActiveElements": "HEA;HEP",
    "ReceiveCoilName": "Head_32",
    "ReconMatrixPE": 86,
    "RefLinesPE": 24,
    "RepetitionTime": 1.5,
    "SAR": 0.0861663,
    "ScanOptions": "FS",
    "ScanningSequence": "EP",
    "SequenceName": "epfid2d4_62",
    "SequenceVariant": "SK_SS_OSP",
    "SeriesDescription": "func_task-StrangerThingsS01E01_run-02_SBRef",
    "SeriesNumber": 18,
    "ShimSetting": [
        -214,
        -373,
        861,
        508,
        -44,
        334,
        -119,
        11
    ],
    "SliceThickness": 2.5,
    "SliceTiming": [
        0,
        0.0925,
        0.185,
        0.2775,
        0.37,
        0.4625,
        0.555,
        0.6475,
        0.74,
        0.8325,
        0.925,
        1.0175,
        1.11,
        1.2025,
        1.295,
        1.3875,
        1.48,
        1.5725,
        1.665,
        1.7575,
        1.85,
        1.9425,
        2.035,
        2.1275,
        2.22,
        2.3125,
        2.405,
        2.4975,
        2.59,
        2.6825,
        2.775,
        2.8675,
        2.96,
        3.0525,
        3.145,
        3.2375,
        3.33,
        3.4225,
        3.515,
        3.6075,
        3.7,
        3.7925,
        3.885,
        3.9775,
        4.07,
        4.1625,
        4.255,
        4.3475
    ],
    "SoftwareVersions": "syngo_MR_E11",
    "SpacingBetweenSlices": 2.5,
    "StationName": "AWP166003",
    "TaskName": "Stranger Things",
    "TotalReadoutTime": 0.0208517,
    "TxRefAmp": 245.333,
    "WipMemBlock": "3360e6b3-730c-4d08-b984-905add1fc151||Sequence: R016 ve11c/master r/e634e98; Dec 19 2017 11:00:25 by eja"
}
