{
    "AcquisitionMatrixPE": 256,
    "AcquisitionNumber": 1,
    "AcquisitionTime": "14:44:59.285000",
    "BaseResolution": 256,
    "BodyPartExamined": "BRAIN",
    "ConsistencyInfo": "N4_VE11C_LATEST_20160120",
    "ConversionSoftware": "dcm2niix",
    "ConversionSoftwareVersion": "v1.0.20200331",
    "DeviceSerialNumber": "166003",
    "DwellTime": 8.1e-06,
    "EchoTime": 0.565,
    "EchoTrainLength": 190,
    "FlipAngle": 120,
    "ImageOrientationPatientDICOM": [
        0,
        1,
        0,
        0,
        0,
        -1
    ],
    "ImageType": [
        "ORIGINAL",
        "PRIMARY",
        "M",
        "ND",
        "NORM"
    ],
    "ImagingFrequency": 123.249,
    "InPlanePhaseEncodingDirectionDICOM": "ROW",
    "InstitutionAddress": "SW_8TH_ST_OE116_11200_MIAMI_Med-Lab_US_33199",
    "InstitutionName": "FIU_Center_For_Imaging_Science",
    "InstitutionalDepartmentName": "Department",
    "MRAcquisitionType": "3D",
    "MagneticFieldStrength": 3,
    "Manufacturer": "Siemens",
    "ManufacturersModelName": "Prisma",
    "Modality": "MR",
    "ParallelReductionFactorInPlane": 2,
    "PartialFourier": 1,
    "PatientPosition": "HFS",
    "PercentPhaseFOV": 100,
    "PercentSampling": 100,
    "PhaseEncodingDirection": "i",
    "PhaseEncodingSteps": 227,
    "PhaseResolution": 1,
    "PixelBandwidth": 240,
    "ProcedureStepDescription": "Laird_Laird_DIVA",
    "ProtocolName": "anat-T2w_run-01",
    "PulseSequenceDetails": "%CustomerSeq%_tse_vfl_mgh_epinav_ABCD",
    "ReceiveCoilActiveElements": "HEA;HEP",
    "ReceiveCoilName": "Head_32",
    "ReconMatrixPE": 256,
    "RefLinesPE": 32,
    "RepetitionTime": 3.2,
    "SAR": 0.0798179,
    "ScanOptions": "PFP_FS",
    "ScanningSequence": "SE",
    "SequenceName": "spc_200ns",
    "SequenceVariant": "SK_SP",
    "SeriesDescription": "anat-T2w_run-01",
    "SeriesNumber": 24,
    "ShimSetting": [
        -225,
        -388,
        852,
        472,
        -22,
        119,
        -105,
        5
    ],
    "SliceThickness": 1,
    "SoftwareVersions": "syngo_MR_E11",
    "StationName": "AWP166003",
    "TxRefAmp": 248.958,
    "WipMemBlock": "Prisma_epi_moco_navigator_ABCD_tse_vfl.prot"
}