{
    "AcquisitionMatrix": [
        0,
        256,
        256,
        0
    ],
    "AcquisitionMatrixPE": 256,
    "AcquisitionNumber": 1,
    "AcquisitionTime": "14:44:59.285000",
    "AngioFlag": "N",
    "BaseResolution": 256,
    "BitsAllocated": 16,
    "BitsStored": 12,
    "BodyPartExamined": "BRAIN",
    "Columns": 256,
    "ConsistencyInfo": "N4_VE11C_LATEST_20160120",
    "ConversionSoftware": "dcm2niix",
    "ConversionSoftwareVersion": "v1.0.20190410  GCC6.3.0",
    "DeidentificationMethodCodeSequence": [
        {
            "CodeMeaning": "XNAT Edit Script",
            "CodeValue": "2",
            "CodingSchemeDesignator": "XNAT",
            "CodingSchemeVersion": "0.1"
        }
    ],
    "DeviceSerialNumber": "166003",
    "DwellTime": 8.1e-06,
    "EchoNumbers": 1,
    "EchoTime": 0.565,
    "EchoTrainLength": 190,
    "FlipAngle": 120,
    "HighBit": 11,
    "ImageOrientationPatient": [
        0.0,
        1.0,
        0.0,
        0.0,
        0.0,
        -1.0
    ],
    "ImageOrientationPatientDICOM": [
        0,
        1,
        0,
        0,
        0,
        -1
    ],
    "ImageType": [
        "ORIGINAL",
        "PRIMARY",
        "M",
        "ND",
        "NORM"
    ],
    "ImagedNucleus": "1H",
    "ImagingFrequency": 123.249,
    "InPlanePhaseEncodingDirection": "ROW",
    "InPlanePhaseEncodingDirectionDICOM": "ROW",
    "InstitutionAddress": "SW_8TH_ST_OE116_11200_MIAMI_Med-Lab_US_33199",
    "InstitutionName": "FIU_Center_For_Imaging_Science",
    "InstitutionalDepartmentName": "Department",
    "MRAcquisitionType": "3D",
    "MagneticFieldStrength": 3,
    "Manufacturer": "Siemens",
    "ManufacturerModelName": "Prisma",
    "ManufacturersModelName": "Prisma",
    "Modality": "MR",
    "NumberOfAverages": 1.0,
    "NumberOfPhaseEncodingSteps": 227,
    "PartialFourier": 1,
    "PatientPosition": "HFS",
    "PercentPhaseFOV": 100,
    "PercentPhaseFieldOfView": 100.0,
    "PercentSampling": 100.0,
    "PerformedProcedureStepStartTime": "133709.629000",
    "PhaseEncodingSteps": 227,
    "PhaseResolution": 1,
    "PhotometricInterpretation": "MONOCHROME2",
    "PixelBandwidth": 240,
    "PixelRepresentation": 0,
    "PixelSpacing": [
        1.0,
        1.0
    ],
    "ProcedureStepDescription": "Laird_Laird_DIVA",
    "ProtocolName": "anat-T2w_run-01",
    "PulseSequenceDetails": "%CustomerSeq%_tse_vfl_mgh_epinav_ABCD",
    "ReceiveCoilActiveElements": "HEA;HEP",
    "ReceiveCoilName": "Head_32",
    "ReconMatrixPE": 256,
    "RefLinesPE": 32,
    "RepetitionTime": 3.2,
    "Rows": 256,
    "SAR": 0.0798179,
    "SamplesPerPixel": 1,
    "ScanOptions": "PFP_FS",
    "ScanningSequence": "SE",
    "SequenceName": "spc_200ns",
    "SequenceVariant": "SK_SP",
    "SeriesDescription": "anat-T2w_run-01",
    "SeriesNumber": 24,
    "SeriesTime": "145124.272000",
    "ShimSetting": [
        -225,
        -388,
        852,
        472,
        -22,
        119,
        -105,
        5
    ],
    "SliceThickness": 1,
    "SmallestImagePixelValue": 0,
    "SoftwareVersions": "syngo_MR_E11",
    "SpecificCharacterSet": "ISO_IR 100",
    "StationName": "AWP166003",
    "StudyID": "1",
    "StudyTime": "133709.444000",
    "TransmitCoilName": "Body",
    "TxRefAmp": 248.958,
    "VariableFlipAngleFlag": "Y",
    "WindowCenterWidthExplanation": "Algo1",
    "WipMemBlock": "Prisma_epi_moco_navigator_ABCD_tse_vfl.prot",
    "dBdt": 0.0,
    "dcmmeta_affine": [
        [
            1.0,
            0.0,
            0.0,
            -87.5
        ],
        [
            0.0,
            1.0,
            0.0,
            -107.0
        ],
        [
            0.0,
            0.0,
            1.0,
            -127.0
        ],
        [
            0.0,
            0.0,
            0.0,
            1.0
        ]
    ],
    "dcmmeta_reorient_transform": [
        [
            0.0,
            0.0,
            -1.0,
            255.0
        ],
        [
            0.0,
            -1.0,
            0.0,
            255.0
        ],
        [
            -1.0,
            0.0,
            0.0,
            175.0
        ],
        [
            0.0,
            0.0,
            0.0,
            1.0
        ]
    ],
    "dcmmeta_shape": [
        176,
        256,
        256
    ],
    "dcmmeta_slice_dim": 0,
    "dcmmeta_version": 0.6
}