{
    "AcquisitionMatrixPE": 140,
    "AcquisitionNumber": 1,
    "AcquisitionTime": "19:15:4.575000",
    "BandwidthPerPixelPhaseEncode": 10.352,
    "BaseResolution": 140,
    "BodyPartExamined": "BRAIN",
    "ConsistencyInfo": "N4_VE11C_LATEST_20160120",
    "ConversionSoftware": "dcm2niix",
    "ConversionSoftwareVersion": "v1.0.20200331",
    "DerivedVendorReportedEchoSpacing": 0.000689998,
    "DeviceSerialNumber": "166003",
    "DiffusionScheme": "Monopolar",
    "DwellTime": 2.1e-06,
    "EchoTime": 0.089,
    "EchoTrainLength": 105,
    "EffectiveEchoSpacing": 0.000689998,
    "FlipAngle": 90,
    "ImageOrientationPatientDICOM": [
        1,
        0,
        0,
        0,
        1,
        0
    ],
    "ImageType": [
        "ORIGINAL",
        "PRIMARY",
        "DIFFUSION",
        "NONE",
        "ND"
    ],
    "ImagingFrequency": 123.249,
    "InPlanePhaseEncodingDirectionDICOM": "COL",
    "InstitutionAddress": "SW_8TH_ST_OE116_11200_MIAMI_Med-Lab_US_33199",
    "InstitutionName": "FIU_Center_For_Imaging_Science",
    "InstitutionalDepartmentName": "Department",
    "IntendedFor": [
        "ses-05/dwi/sub-Buttercup_ses-05_run-1_dwi.nii.gz"
    ],
    "MRAcquisitionType": "2D",
    "MagneticFieldStrength": 3,
    "Manufacturer": "Siemens",
    "ManufacturersModelName": "Prisma",
    "Modality": "MR",
    "PartialFourier": 0.75,
    "PatientPosition": "HFS",
    "PercentPhaseFOV": 100,
    "PercentSampling": 100,
    "PhaseEncodingDirection": "j",
    "PhaseEncodingSteps": 105,
    "PhaseResolution": 1,
    "PixelBandwidth": 1700,
    "ProcedureStepDescription": "Laird_Laird_DIVA",
    "ProtocolName": "fmap-epi_acq-dwi_dir-PA_run-01",
    "PulseSequenceDetails": "%CustomerSeq%_ep2d_diff_sms_abcd",
    "ReceiveCoilActiveElements": "HEA;HEP",
    "ReceiveCoilName": "Head_32",
    "ReconMatrixPE": 140,
    "RepetitionTime": 12.4,
    "SAR": 0.129067,
    "ScanOptions": "PFP_FS",
    "ScanningSequence": "EP",
    "SequenceName": "ep_b0",
    "SequenceVariant": "SK_SP",
    "SeriesDescription": "fmap-epi_acq-dwi_dir-PA_run-01",
    "SeriesNumber": 56,
    "ShimSetting": [
        -195,
        -428,
        945,
        438,
        94,
        193,
        3,
        -10
    ],
    "SliceThickness": 1.7,
    "SliceTiming": [
        0,
        6.26562,
        0.15625,
        6.42188,
        0.29688,
        6.5625,
        0.45312,
        6.71875,
        0.60938,
        6.875,
        0.76562,
        7.03125,
        0.92188,
        7.17188,
        1.0625,
        7.32812,
        1.21875,
        7.48438,
        1.375,
        7.64062,
        1.53125,
        7.79688,
        1.67188,
        7.9375,
        1.82812,
        8.09375,
        1.98438,
        8.25,
        2.14062,
        8.40625,
        2.29688,
        8.54688,
        2.4375,
        8.70312,
        2.59375,
        8.85938,
        2.75,
        9.01562,
        2.90625,
        9.17188,
        3.04688,
        9.3125,
        3.20312,
        9.46875,
        3.35938,
        9.625,
        3.51562,
        9.78125,
        3.67188,
        9.9375,
        3.8125,
        10.0781,
        3.96875,
        10.2344,
        4.125,
        10.3906,
        4.28125,
        10.5469,
        4.42188,
        10.6875,
        4.57812,
        10.8438,
        4.73438,
        11,
        4.89062,
        11.1562,
        5.04688,
        11.3125,
        5.1875,
        11.4531,
        5.34375,
        11.6094,
        5.5,
        11.7656,
        5.65625,
        11.9219,
        5.79688,
        12.0781,
        5.95312,
        12.2188,
        6.10938
    ],
    "SoftwareVersions": "syngo_MR_E11",
    "SpacingBetweenSlices": 1.7,
    "StationName": "AWP166003",
    "TotalReadoutTime": 0.0959097,
    "TxRefAmp": 255.904,
    "VendorReportedEchoSpacing": 0.00069,
    "WipMemBlock": "2ea4c80c-52fb-4c70-9204-809f475464e8"
}