{
    "AcquisitionMatrixPE": 140,
    "AcquisitionNumber": 1,
    "AcquisitionTime": "19:15:31.960000",
    "BandwidthPerPixelPhaseEncode": 10.352,
    "BaseResolution": 140,
    "BodyPartExamined": "BRAIN",
    "ConsistencyInfo": "N4_VE11C_LATEST_20160120",
    "ConversionSoftware": "dcm2niix",
    "ConversionSoftwareVersion": "v1.0.20200331",
    "DerivedVendorReportedEchoSpacing": 0.000689998,
    "DeviceSerialNumber": "166003",
    "DiffusionScheme": "Monopolar",
    "DwellTime": 2.1e-06,
    "EchoTime": 0.089,
    "EchoTrainLength": 105,
    "EffectiveEchoSpacing": 0.000689998,
    "FlipAngle": 90,
    "ImageOrientationPatientDICOM": [
        1,
        0,
        0,
        0,
        1,
        0
    ],
    "ImageType": [
        "ORIGINAL",
        "PRIMARY",
        "DIFFUSION",
        "NONE",
        "ND"
    ],
    "ImagingFrequency": 123.249,
    "InPlanePhaseEncodingDirectionDICOM": "COL",
    "InstitutionAddress": "SW_8TH_ST_OE116_11200_MIAMI_Med-Lab_US_33199",
    "InstitutionName": "FIU_Center_For_Imaging_Science",
    "InstitutionalDepartmentName": "Department",
    "IntendedFor": [
        "ses-05/dwi/sub-Buttercup_ses-05_run-1_dwi.nii.gz"
    ],
    "MRAcquisitionType": "2D",
    "MagneticFieldStrength": 3,
    "Manufacturer": "Siemens",
    "ManufacturersModelName": "Prisma",
    "Modality": "MR",
    "PartialFourier": 0.75,
    "PatientPosition": "HFS",
    "PercentPhaseFOV": 100,
    "PercentSampling": 100,
    "PhaseEncodingDirection": "j-",
    "PhaseEncodingSteps": 105,
    "PhaseResolution": 1,
    "PixelBandwidth": 1700,
    "ProcedureStepDescription": "Laird_Laird_DIVA",
    "ProtocolName": "fmap-epi_acq-dwi_dir-AP_run-01",
    "PulseSequenceDetails": "%CustomerSeq%_ep2d_diff_sms_abcd",
    "ReceiveCoilActiveElements": "HEA;HEP",
    "ReceiveCoilName": "Head_32",
    "ReconMatrixPE": 140,
    "RepetitionTime": 12.4,
    "SAR": 0.129067,
    "ScanOptions": "PFP_FS",
    "ScanningSequence": "EP",
    "SequenceName": "ep_b0",
    "SequenceVariant": "SK_SP",
    "SeriesDescription": "fmap-epi_acq-dwi_dir-AP_run-01",
    "SeriesNumber": 57,
    "ShimSetting": [
        -195,
        -428,
        945,
        438,
        94,
        193,
        3,
        -10
    ],
    "SliceThickness": 1.7,
    "SliceTiming": [
        0,
        6.26562,
        0.15625,
        6.42188,
        0.3125,
        6.57812,
        0.46875,
        6.73438,
        0.60938,
        6.89062,
        0.76562,
        7.03125,
        0.92188,
        7.1875,
        1.07812,
        7.34375,
        1.23438,
        7.5,
        1.375,
        7.64062,
        1.53125,
        7.79688,
        1.6875,
        7.95312,
        1.84375,
        8.10938,
        1.98438,
        8.26562,
        2.14062,
        8.40625,
        2.29688,
        8.5625,
        2.45312,
        8.71875,
        2.60938,
        8.875,
        2.75,
        9.01562,
        2.90625,
        9.17188,
        3.0625,
        9.32812,
        3.21875,
        9.48438,
        3.375,
        9.64062,
        3.51562,
        9.78125,
        3.67188,
        9.9375,
        3.82812,
        10.0938,
        3.98438,
        10.25,
        4.125,
        10.4062,
        4.28125,
        10.5469,
        4.4375,
        10.7031,
        4.59375,
        10.8594,
        4.75,
        11.0156,
        4.89062,
        11.1562,
        5.04688,
        11.3125,
        5.20312,
        11.4688,
        5.35938,
        11.625,
        5.5,
        11.7812,
        5.65625,
        11.9219,
        5.8125,
        12.0781,
        5.96875,
        12.2344,
        6.125
    ],
    "SoftwareVersions": "syngo_MR_E11",
    "SpacingBetweenSlices": 1.7,
    "StationName": "AWP166003",
    "TotalReadoutTime": 0.0959097,
    "TxRefAmp": 255.904,
    "VendorReportedEchoSpacing": 0.00069,
    "WipMemBlock": "2199e602-a0f0-43b3-9c60-d6e44b7521d6"
}