{
    "AcquisitionMatrixPE": 62,
    "AcquisitionNumber": 1,
    "BandwidthPerPixelPhaseEncode": 47.4,
    "BaseResolution": 86,
    "BodyPartExamined": "BRAIN",
    "CogAtlasID": "https://www.cognitiveatlas.org/id/",
    "ConsistencyInfo": "N4_VE11C_LATEST_20160120",
    "ConversionSoftware": "dcm2niix",
    "ConversionSoftwareVersion": "v1.0.20200331",
    "DerivedVendorReportedEchoSpacing": 0.000490629,
    "DeviceSerialNumber": "166003",
    "DwellTime": 2.3e-06,
    "EchoTrainLength": 31,
    "EffectiveEchoSpacing": 0.000245314,
    "FlipAngle": 77,
    "ImageOrientationPatientDICOM": [
        1,
        0,
        0,
        0,
        0.866025,
        -0.5
    ],
    "ImagingFrequency": 123.249,
    "InPlanePhaseEncodingDirectionDICOM": "COL",
    "InstitutionAddress": "SW_8TH_ST_OE116_11200_MIAMI_Med-Lab_US_33199",
    "InstitutionName": "FIU_Center_For_Imaging_Science",
    "InstitutionalDepartmentName": "Department",
    "MRAcquisitionType": "2D",
    "MagneticFieldStrength": 3,
    "Manufacturer": "Siemens",
    "ManufacturersModelName": "Prisma",
    "Modality": "MR",
    "MultibandAccelerationFactor": 3,
    "ParallelReductionFactorInPlane": 2,
    "PartialFourier": 1,
    "PatientPosition": "HFS",
    "PercentPhaseFOV": 100,
    "PercentSampling": 72,
    "PhaseEncodingDirection": "j-",
    "PhaseEncodingSteps": 62,
    "PhaseResolution": 0.72,
    "PixelBandwidth": 2530,
    "PulseSequenceDetails": "%CustomerSeq%_cmrr_mbep2d_bold",
    "ReceiveCoilActiveElements": "HEA;HEP",
    "ReceiveCoilName": "Head_32",
    "ReconMatrixPE": 86,
    "RefLinesPE": 24,
    "RepetitionTime": 1.5,
    "ScanOptions": "FS",
    "ScanningSequence": "EP",
    "SequenceName": "epfid2d4_62",
    "SequenceVariant": "SK_SS_OSP",
    "SliceThickness": 2.5,
    "SoftwareVersions": "syngo_MR_E11",
    "SpacingBetweenSlices": 2.5,
    "StationName": "AWP166003",
    "TaskName": "Dual Self and Other Referential Processing and Flanker Task",
    "TotalReadoutTime": 0.0208517
}