{
    "AcquisitionMatrixPE": 62,
    "AcquisitionNumber": 1,
    "BandwidthPerPixelPhaseEncode": 47.4,
    "BaseResolution": 86,
    "BodyPartExamined": "BRAIN",
    "CogAtlasID": "https://cognitiveatlas.org/task/id/",
    "ConsistencyInfo": "N4_VE11C_LATEST_20160120",
    "ConversionSoftware": "dcm2niix",
    "ConversionSoftwareVersion": "v1.0.20190410  GCC6.3.0",
    "DerivedVendorReportedEchoSpacing": 0.000490629,
    "DeviceSerialNumber": "166003",
    "DwellTime": 2.3e-06,
    "EchoTrainLength": 31,
    "EffectiveEchoSpacing": 0.000245314,
    "FlipAngle": 77,
    "ImageComments": "Unaliased_MB3_PE4_LB",
    "ImageOrientationPatientDICOM": [
        1,
        0,
        0,
        0,
        0.866025,
        -0.5
    ],
    "ImagingFrequency": 123.249,
    "InPlanePhaseEncodingDirectionDICOM": "COL",
    "InstitutionAddress": "SW_8TH_ST_OE116_11200_MIAMI_Med-Lab_US_33199",
    "InstitutionName": "FIU_Center_For_Imaging_Science",
    "InstitutionalDepartmentName": "Department",
    "MRAcquisitionType": "2D",
    "MagneticFieldStrength": 3,
    "Manufacturer": "Siemens",
    "ManufacturersModelName": "Prisma",
    "Modality": "MR",
    "MultibandAccelerationFactor": 3,
    "ParallelReductionFactorInPlane": 2,
    "PartialFourier": 1,
    "PatientPosition": "HFS",
    "PercentPhaseFOV": 100,
    "PhaseEncodingDirection": "j-",
    "PhaseEncodingSteps": 62,
    "PhaseResolution": 0.72,
    "PixelBandwidth": 2530,
    "ProcedureStepDescription": "Laird_Laird_DIVA",
    "ProtocolName": "func_task-localizerEstimation_run-01",
    "PulseSequenceDetails": "%CustomerSeq%_cmrr_mbep2d_bold",
    "ReceiveCoilActiveElements": "HEA;HEP",
    "ReceiveCoilName": "Head_32",
    "ReconMatrixPE": 86,
    "RefLinesPE": 24,
    "RepetitionTime": 1.5,
    "SAR": 0.0862478,
    "ScanOptions": "FS",
    "ScanningSequence": "EP",
    "SequenceName": "epfid2d4_62",
    "SequenceVariant": "SK_SS_OSP",
    "SeriesDescription": "func_task-localizerEstimation_run-01",
    "SeriesNumber": 8,
    "ShimSetting": [
        -214,
        -373,
        861,
        508,
        -44,
        334,
        -119,
        11
    ],
    "SliceThickness": 2.5,
    "SliceTiming": [
        0,
        0.6475,
        1.295,
        0.4625,
        1.11,
        0.2775,
        0.925,
        0.0925,
        0.74,
        1.3875,
        0.555,
        1.2025,
        0.37,
        1.0175,
        0.185,
        0.8325,
        0,
        0.6475,
        1.295,
        0.4625,
        1.11,
        0.2775,
        0.925,
        0.0925,
        0.74,
        1.3875,
        0.555,
        1.2025,
        0.37,
        1.0175,
        0.185,
        0.8325,
        0,
        0.6475,
        1.295,
        0.4625,
        1.11,
        0.2775,
        0.925,
        0.0925,
        0.74,
        1.3875,
        0.555,
        1.2025,
        0.37,
        1.0175,
        0.185,
        0.8325
    ],
    "SoftwareVersions": "syngo_MR_E11",
    "SpacingBetweenSlices": 2.5,
    "StationName": "AWP166003",
    "TaskName": "localization task, estimation version",
    "TotalReadoutTime": 0.0208517,
    "TxRefAmp": 245.333,
    "WipMemBlock": "f7d4e6ac-b5da-4716-9255-1e2f1662acde||Sequence: R016 ve11c/master r/e634e98; Dec 19 2017 11:00:25 by eja"
}