{
    "AcquisitionMatrixPE": 194,
    "AcquisitionNumber": 1,
    "AcquisitionTime": "14:59:35.967500",
    "AttenuationCorrectionMethod": "\u0080\u001f",
    "BaseResolution": 288,
    "BodyPartExamined": "BRAIN",
    "ConsistencyInfo": "N4_VE11C_LATEST_20160120",
    "ConversionSoftware": "dcm2niix",
    "ConversionSoftwareVersion": "v1.0.20201216",
    "ConvolutionKernel": "\u0087\u00e9\u00fe\u007f",
    "DeviceSerialNumber": "166003",
    "DwellTime": 1.46e-05,
    "EchoTime": 0.018,
    "EchoTime1": 0.018,
    "EchoTime2": 0.015,
    "FlipAngle": 15,
    "ImageOrientationPatientDICOM": [
        1,
        4.319e-12,
        -2.306e-12,
        -4.897e-12,
        0.882127,
        -0.471012
    ],
    "ImageType": [
        "ORIGINAL",
        "PRIMARY",
        "P",
        "ND",
        "PHASE"
    ],
    "ImagingFrequency": 123.249,
    "InPlanePhaseEncodingDirectionDICOM": "ROW",
    "InstitutionAddress": "SW 8TH ST, OE116 11200,MIAMI,Med-Lab,US,33199",
    "InstitutionName": "FIU Center For Imaging Science",
    "InstitutionalDepartmentName": "Department",
    "MRAcquisitionType": "3D",
    "MagneticFieldStrength": 3,
    "Manufacturer": "Siemens",
    "ManufacturersModelName": "Prisma",
    "Modality": "MR",
    "ParallelReductionFactorInPlane": 2,
    "PartialFourier": 1,
    "PatientPosition": "HFS",
    "PercentPhaseFOV": 75,
    "PercentSampling": 90,
    "PhaseEncodingSteps": 194,
    "PhaseResolution": 0.9,
    "PixelBandwidth": 120,
    "ProcedureStepDescription": "Laird^Laird_DIVA",
    "ProtocolName": "swi_run-01",
    "PulseSequenceDetails": "%SiemensSeq%\\gre",
    "ReceiveCoilActiveElements": "HEA;HEP",
    "ReceiveCoilName": "Head_32",
    "ReconMatrixPE": 216,
    "RefLinesPE": 24,
    "RepetitionTime": 0.025,
    "SAR": 0.0145539,
    "ScanningSequence": "GR",
    "SequenceName": "*swi3d1r",
    "SequenceVariant": "SP\\OSP",
    "SeriesDescription": "Pha_Images",
    "SeriesNumber": 26,
    "ShimSetting": [
        -220,
        -367,
        862,
        548,
        0,
        342,
        -161,
        17
    ],
    "SliceThickness": 0.8,
    "SoftwareVersions": "syngo MR E11",
    "StationName": "AWP166003",
    "TxRefAmp": 248.958,
    "Unit": ""
}