{
	"Modality": "MR",
	"MagneticFieldStrength": 3,
	"ImagingFrequency": 123.249,
	"Manufacturer": "Siemens",
	"ManufacturersModelName": "Prisma",
	"InstitutionName": "FIU Center For Imaging Science",
	"InstitutionalDepartmentName": "Department",
	"InstitutionAddress": "SW 8TH ST, OE116 11200,MIAMI,Med-Lab,US,33199",
	"DeviceSerialNumber": "166003",
	"StationName": "AWP166003",
	"BodyPartExamined": "BRAIN",
	"PatientPosition": "HFS",
	"ProcedureStepDescription": "Laird^Laird_DIVA",
	"SoftwareVersions": "syngo MR E11",
	"MRAcquisitionType": "3D",
	"SeriesDescription": "anat-angio_run-01_MIP_SAG",
	"ProtocolName": "anat-angio_run-01",
	"ScanningSequence": "GR",
	"SequenceVariant": "SP\\OSP",
	"ScanOptions": "SAT1",
	"SequenceName": "*fl3d1r_t70",
	"ImageType": ["ORIGINAL", "PRIMARY", "MIP", "SAG", "ND", "NORM"],
	"SeriesNumber": 39,
	"AcquisitionTime": "15:16:37.482500",
	"AcquisitionNumber": 1,
	"ConvolutionKernel": "_\f",
	"AttenuationCorrectionMethod": "ÿÿ",
	"SliceThickness": 190.312,
	"SpacingBetweenSlices": 21,
	"SAR": 0.296976,
	"EchoTime": 0.00342,
	"RepetitionTime": 0.021,
	"FlipAngle": 18,
	"PartialFourier": 1,
	"Interpolation2D": 1,
	"BaseResolution": 384,
	"ShimSetting": [
		-212,
		-447,
		663,
		15,
		47,
		53,
		0,
		14	],
	"TxRefAmp": 233.386,
	"PhaseResolution": 0.95,
	"ReceiveCoilName": "Head_32",
	"ReceiveCoilActiveElements": "HEA;HEP",
	"PulseSequenceDetails": "%SiemensSeq%\\fl_tof",
	"RefLinesPE": 32,
	"ConsistencyInfo": "N4_VE11C_LATEST_20160120",
	"PercentPhaseFOV": 90.625,
	"PercentSampling": 95,
	"PhaseEncodingSteps": 330,
	"AcquisitionMatrixPE": 331,
	"ReconMatrixPE": 331,
	"ParallelReductionFactorInPlane": 2,
	"PixelBandwidth": 185,
	"DwellTime": 7e-06,
	"ImageOrientationPatientDICOM": [
		-4.897e-12,
		1,
		0,
		0,
		0,
		-1	],
	"ConversionSoftware": "dcm2niix",
	"ConversionSoftwareVersion": "v1.0.20201216"
}
