{
    "AcquisitionMatrixPE": 192,
    "AcquisitionNumber": 1,
    "AcquisitionTime": "14:55:53.065000",
    "AttenuationCorrectionMethod": "\u0080\u001f",
    "BaseResolution": 256,
    "BodyPartExamined": "BRAIN",
    "CoilString": "H11",
    "ConsistencyInfo": "N4_VE11C_LATEST_20160120",
    "ConversionSoftware": "dcm2niix",
    "ConversionSoftwareVersion": "v1.0.20201216",
    "ConvolutionKernel": "y\u00ef\u00fe\u007f",
    "DeviceSerialNumber": "166003",
    "DwellTime": 4.2e-06,
    "EchoNumber": 1,
    "EchoTime": 0.0075,
    "EchoTrainLength": 2,
    "FlipAngle": 15,
    "ImageOrientationPatientDICOM": [
        1,
        4.897e-12,
        0,
        -4.897e-12,
        1,
        0
    ],
    "ImageType": [
        "ORIGINAL",
        "PRIMARY",
        "M",
        "ND"
    ],
    "ImagingFrequency": 123.249,
    "InPlanePhaseEncodingDirectionDICOM": "ROW",
    "InstitutionAddress": "SW 8TH ST, OE116 11200,MIAMI,Med-Lab,US,33199",
    "InstitutionName": "FIU Center For Imaging Science",
    "InstitutionalDepartmentName": "Department",
    "Interpolation2D": 1,
    "MRAcquisitionType": "3D",
    "MagneticFieldStrength": 3,
    "Manufacturer": "Siemens",
    "ManufacturersModelName": "Prisma",
    "Modality": "MR",
    "ParallelReductionFactorInPlane": 2,
    "PartialFourier": 1,
    "PatientPosition": "HFS",
    "PercentPhaseFOV": 100,
    "PercentSampling": 75,
    "PhaseEncodingDirection": "i",
    "PhaseEncodingSteps": 191,
    "PhaseResolution": 0.75,
    "PixelBandwidth": 465,
    "ProcedureStepDescription": "Laird^Laird_DIVA",
    "ProtocolName": "swi_acq-qsm_run-01",
    "PulseSequenceDetails": "%SiemensSeq%\\gre",
    "ReceiveCoilActiveElements": "HEA;HEP",
    "ReceiveCoilName": "Head_32",
    "ReconMatrixPE": 512,
    "RefLinesPE": 24,
    "RepetitionTime": 0.03,
    "SAR": 0.0107761,
    "ScanningSequence": "GR",
    "SequenceName": "*fl3d2r",
    "SequenceVariant": "SP",
    "SeriesDescription": "swi_acq-qsm_run-01",
    "SeriesNumber": 39,
    "ShimSetting": [
        -215,
        -410,
        863,
        277,
        30,
        200,
        85,
        9
    ],
    "SliceThickness": 2,
    "SoftwareVersions": "syngo MR E11",
    "StationName": "AWP166003",
    "TxRefAmp": 238.691,
    "Unit": ""
}