{
    "AcquisitionMatrix": [
        86,
        0,
        0,
        86
    ],
    "AcquisitionMatrixPE": 86,
    "AcquisitionNumber": 1,
    "AcquisitionTime": "14:14:49.957500",
    "AngioFlag": "N",
    "BandwidthPerPixelPhaseEncode": 23.73,
    "BaseResolution": 86,
    "BitsAllocated": 16,
    "BitsStored": 12,
    "BodyPartExamined": "BRAIN",
    "Columns": 86,
    "ConsistencyInfo": "N4_VE11C_LATEST_20160120",
    "ConversionSoftware": "dcm2niix",
    "ConversionSoftwareVersion": "v1.0.20190410  GCC6.3.0",
    "DeidentificationMethodCodeSequence": [
        {
            "CodeMeaning": "XNAT Edit Script",
            "CodeValue": "2",
            "CodingSchemeDesignator": "XNAT",
            "CodingSchemeVersion": "0.1"
        }
    ],
    "DerivedVendorReportedEchoSpacing": 0.000490009,
    "DeviceSerialNumber": "166003",
    "DwellTime": 2.4e-06,
    "EchoNumbers": 1,
    "EchoTime": 0.047,
    "EchoTrainLength": 86,
    "EffectiveEchoSpacing": 0.000490009,
    "FlipAngle": 90,
    "HighBit": 11,
    "ImageOrientationPatient": [
        1.0,
        0.0,
        0.0,
        0.0,
        0.86602540210929,
        -0.5000000029014
    ],
    "ImageOrientationPatientDICOM": [
        1,
        0,
        0,
        0,
        0.866025,
        -0.5
    ],
    "ImageType": [
        "ORIGINAL",
        "PRIMARY",
        "M",
        "ND"
    ],
    "ImagedNucleus": "1H",
    "ImagingFrequency": 123.249,
    "InPlanePhaseEncodingDirection": "COL",
    "InPlanePhaseEncodingDirectionDICOM": "COL",
    "InstitutionAddress": "SW_8TH_ST_OE116_11200_MIAMI_Med-Lab_US_33199",
    "InstitutionName": "FIU_Center_For_Imaging_Science",
    "InstitutionalDepartmentName": "Department",
    "IntendedFor": [
        "ses-01/func/sub-PILOT_ses-01_task-StrangerThingsS01E01_rec-magnitude_run-01_echo-1_sbref.nii.gz",
        "ses-01/func/sub-PILOT_ses-01_task-StrangerThingsS01E01_rec-magnitude_run-01_echo-2_sbref.nii.gz",
        "ses-01/func/sub-PILOT_ses-01_task-StrangerThingsS01E01_rec-magnitude_run-01_echo-3_sbref.nii.gz",
        "ses-01/func/sub-PILOT_ses-01_task-StrangerThingsS01E01_rec-magnitude_run-01_echo-4_sbref.nii.gz",
        "ses-01/func/sub-PILOT_ses-01_task-StrangerThingsS01E01_rec-magnitude_run-02_echo-1_sbref.nii.gz",
        "ses-01/func/sub-PILOT_ses-01_task-StrangerThingsS01E01_rec-magnitude_run-02_echo-2_sbref.nii.gz",
        "ses-01/func/sub-PILOT_ses-01_task-StrangerThingsS01E01_rec-magnitude_run-02_echo-3_sbref.nii.gz",
        "ses-01/func/sub-PILOT_ses-01_task-StrangerThingsS01E01_rec-magnitude_run-02_echo-4_sbref.nii.gz",
        "ses-01/func/sub-PILOT_ses-01_task-StrangerThingsS01E01_rec-phase_run-01_echo-1_sbref.nii.gz",
        "ses-01/func/sub-PILOT_ses-01_task-StrangerThingsS01E01_rec-phase_run-01_echo-2_sbref.nii.gz",
        "ses-01/func/sub-PILOT_ses-01_task-StrangerThingsS01E01_rec-phase_run-01_echo-3_sbref.nii.gz",
        "ses-01/func/sub-PILOT_ses-01_task-StrangerThingsS01E01_rec-phase_run-01_echo-4_sbref.nii.gz",
        "ses-01/func/sub-PILOT_ses-01_task-StrangerThingsS01E01_rec-phase_run-02_echo-1_sbref.nii.gz",
        "ses-01/func/sub-PILOT_ses-01_task-StrangerThingsS01E01_rec-phase_run-02_echo-2_sbref.nii.gz",
        "ses-01/func/sub-PILOT_ses-01_task-StrangerThingsS01E01_rec-phase_run-02_echo-3_sbref.nii.gz",
        "ses-01/func/sub-PILOT_ses-01_task-StrangerThingsS01E01_rec-phase_run-02_echo-4_sbref.nii.gz",
        "ses-01/func/sub-PILOT_ses-01_task-StrangerThingsS01E01_run-01_echo-1_bold.nii.gz",
        "ses-01/func/sub-PILOT_ses-01_task-StrangerThingsS01E01_run-01_echo-1_phase.nii.gz",
        "ses-01/func/sub-PILOT_ses-01_task-StrangerThingsS01E01_run-01_echo-2_bold.nii.gz",
        "ses-01/func/sub-PILOT_ses-01_task-StrangerThingsS01E01_run-01_echo-2_phase.nii.gz",
        "ses-01/func/sub-PILOT_ses-01_task-StrangerThingsS01E01_run-01_echo-3_bold.nii.gz",
        "ses-01/func/sub-PILOT_ses-01_task-StrangerThingsS01E01_run-01_echo-3_phase.nii.gz",
        "ses-01/func/sub-PILOT_ses-01_task-StrangerThingsS01E01_run-01_echo-4_bold.nii.gz",
        "ses-01/func/sub-PILOT_ses-01_task-StrangerThingsS01E01_run-01_echo-4_phase.nii.gz",
        "ses-01/func/sub-PILOT_ses-01_task-StrangerThingsS01E01_run-02_echo-1_bold.nii.gz",
        "ses-01/func/sub-PILOT_ses-01_task-StrangerThingsS01E01_run-02_echo-1_phase.nii.gz",
        "ses-01/func/sub-PILOT_ses-01_task-StrangerThingsS01E01_run-02_echo-2_bold.nii.gz",
        "ses-01/func/sub-PILOT_ses-01_task-StrangerThingsS01E01_run-02_echo-2_phase.nii.gz",
        "ses-01/func/sub-PILOT_ses-01_task-StrangerThingsS01E01_run-02_echo-3_bold.nii.gz",
        "ses-01/func/sub-PILOT_ses-01_task-StrangerThingsS01E01_run-02_echo-3_phase.nii.gz",
        "ses-01/func/sub-PILOT_ses-01_task-StrangerThingsS01E01_run-02_echo-4_bold.nii.gz",
        "ses-01/func/sub-PILOT_ses-01_task-StrangerThingsS01E01_run-02_echo-4_phase.nii.gz"
    ],
    "MRAcquisitionType": "2D",
    "MagneticFieldStrength": 3,
    "Manufacturer": "Siemens",
    "ManufacturerModelName": "Prisma",
    "ManufacturersModelName": "Prisma",
    "Modality": "MR",
    "NumberOfAverages": 1.0,
    "NumberOfPhaseEncodingSteps": 86,
    "PartialFourier": 1,
    "PatientPosition": "HFS",
    "PercentPhaseFOV": 100,
    "PercentPhaseFieldOfView": 100.0,
    "PercentSampling": 100.0,
    "PerformedProcedureStepStartTime": "133709.629000",
    "PhaseEncodingDirection": "j",
    "PhaseEncodingSteps": 86,
    "PhaseResolution": 1,
    "PhotometricInterpretation": "MONOCHROME2",
    "PixelBandwidth": 2420,
    "PixelRepresentation": 0,
    "PixelSpacing": [
        2.5116279125214,
        2.5116279125214
    ],
    "ProcedureStepDescription": "Laird_Laird_DIVA",
    "ProtocolName": "fmap-epi_acq-func_dir-PA_run-02",
    "PulseSequenceDetails": "%CustomerSeq%_ep2d_se_sms_abcd",
    "ReceiveCoilActiveElements": "HEA;HEP",
    "ReceiveCoilName": "Head_32",
    "ReconMatrixPE": 86,
    "RepetitionTime": 3.94,
    "Rows": 86,
    "SAR": 0.218059,
    "SamplesPerPixel": 1,
    "ScanOptions": "FS",
    "ScanningSequence": "EP",
    "SequenceName": "epse2d1_86",
    "SequenceVariant": "SK_SP",
    "SeriesDescription": "fmap-epi_acq-func_dir-PA_run-02",
    "SeriesNumber": 13,
    "SeriesTime": "141451.604000",
    "ShimSetting": [
        -214,
        -373,
        861,
        508,
        -44,
        334,
        -119,
        11
    ],
    "SliceThickness": 2.5,
    "SmallestImagePixelValue": 0,
    "SoftwareVersions": "syngo_MR_E11",
    "SpacingBetweenSlices": 2.5,
    "SpecificCharacterSet": "ISO_IR 100",
    "StationName": "AWP166003",
    "StudyID": "1",
    "StudyTime": "133709.444000",
    "TotalReadoutTime": 0.0416507,
    "TransmitCoilName": "Body",
    "TxRefAmp": 245.333,
    "VariableFlipAngleFlag": "N",
    "VendorReportedEchoSpacing": 0.00049,
    "WindowCenterWidthExplanation": "Algo1",
    "WipMemBlock": "663db7f9-5164-4aaa-8478-a1c1e9376cc2",
    "dBdt": 0.0,
    "dcmmeta_affine": [
        [
            -2.5116279125213623,
            0.0,
            0.0,
            108.0
        ],
        [
            0.0,
            2.175133466720581,
            -1.25,
            -52.203372955322266
        ],
        [
            0.0,
            1.2558139562606812,
            2.1650619506835938,
            -105.12432098388672
        ],
        [
            0.0,
            0.0,
            0.0,
            1.0
        ]
    ],
    "dcmmeta_reorient_transform": [
        [
            0.0,
            -1.0,
            0.0,
            85.0
        ],
        [
            1.0,
            0.0,
            0.0,
            0.0
        ],
        [
            0.0,
            0.0,
            -1.0,
            47.0
        ],
        [
            0.0,
            0.0,
            0.0,
            1.0
        ]
    ],
    "dcmmeta_shape": [
        86,
        86,
        48
    ],
    "dcmmeta_slice_dim": 2,
    "dcmmeta_version": 0.6
}