{
    "AcquisitionMatrixPE": 86,
    "AcquisitionNumber": 1,
    "AcquisitionTime": "13:46:42.742500",
    "BandwidthPerPixelPhaseEncode": 23.73,
    "BaseResolution": 86,
    "BodyPartExamined": "BRAIN",
    "ConsistencyInfo": "N4_VE11C_LATEST_20160120",
    "ConversionSoftware": "dcm2niix",
    "ConversionSoftwareVersion": "v1.0.20200331",
    "DerivedVendorReportedEchoSpacing": 0.000490009,
    "DeviceSerialNumber": "166003",
    "DwellTime": 2.4e-06,
    "EchoTime": 0.047,
    "EchoTrainLength": 86,
    "EffectiveEchoSpacing": 0.000490009,
    "FlipAngle": 90,
    "ImageOrientationPatientDICOM": [
        1,
        0,
        0,
        0,
        0.866025,
        -0.5
    ],
    "ImageType": [
        "ORIGINAL",
        "PRIMARY",
        "M",
        "ND"
    ],
    "ImagingFrequency": 123.249,
    "InPlanePhaseEncodingDirectionDICOM": "COL",
    "InstitutionAddress": "SW_8TH_ST_OE116_11200_MIAMI_Med-Lab_US_33199",
    "InstitutionName": "FIU_Center_For_Imaging_Science",
    "InstitutionalDepartmentName": "Department",
    "IntendedFor": [
        "ses-01/func/sub-PILOT_ses-01_task-localizerDetection_run-1_echo-1_part-mag_bold.nii.gz",
        "ses-01/func/sub-PILOT_ses-01_task-localizerDetection_run-1_echo-1_part-mag_sbref.nii.gz",
        "ses-01/func/sub-PILOT_ses-01_task-localizerDetection_run-1_echo-1_part-phase_bold.nii.gz",
        "ses-01/func/sub-PILOT_ses-01_task-localizerDetection_run-1_echo-1_part-phase_sbref.nii.gz",
        "ses-01/func/sub-PILOT_ses-01_task-localizerDetection_run-1_echo-2_part-mag_bold.nii.gz",
        "ses-01/func/sub-PILOT_ses-01_task-localizerDetection_run-1_echo-2_part-mag_sbref.nii.gz",
        "ses-01/func/sub-PILOT_ses-01_task-localizerDetection_run-1_echo-2_part-phase_bold.nii.gz",
        "ses-01/func/sub-PILOT_ses-01_task-localizerDetection_run-1_echo-2_part-phase_sbref.nii.gz",
        "ses-01/func/sub-PILOT_ses-01_task-localizerDetection_run-1_echo-3_part-mag_bold.nii.gz",
        "ses-01/func/sub-PILOT_ses-01_task-localizerDetection_run-1_echo-3_part-mag_sbref.nii.gz",
        "ses-01/func/sub-PILOT_ses-01_task-localizerDetection_run-1_echo-3_part-phase_bold.nii.gz",
        "ses-01/func/sub-PILOT_ses-01_task-localizerDetection_run-1_echo-3_part-phase_sbref.nii.gz",
        "ses-01/func/sub-PILOT_ses-01_task-localizerDetection_run-1_echo-4_part-mag_bold.nii.gz",
        "ses-01/func/sub-PILOT_ses-01_task-localizerDetection_run-1_echo-4_part-mag_sbref.nii.gz",
        "ses-01/func/sub-PILOT_ses-01_task-localizerDetection_run-1_echo-4_part-phase_bold.nii.gz",
        "ses-01/func/sub-PILOT_ses-01_task-localizerDetection_run-1_echo-4_part-phase_sbref.nii.gz",
        "ses-01/func/sub-PILOT_ses-01_task-localizerEstimation_run-1_echo-1_part-mag_bold.nii.gz",
        "ses-01/func/sub-PILOT_ses-01_task-localizerEstimation_run-1_echo-1_part-mag_sbref.nii.gz",
        "ses-01/func/sub-PILOT_ses-01_task-localizerEstimation_run-1_echo-1_part-phase_bold.nii.gz",
        "ses-01/func/sub-PILOT_ses-01_task-localizerEstimation_run-1_echo-1_part-phase_sbref.nii.gz",
        "ses-01/func/sub-PILOT_ses-01_task-localizerEstimation_run-1_echo-2_part-mag_bold.nii.gz",
        "ses-01/func/sub-PILOT_ses-01_task-localizerEstimation_run-1_echo-2_part-mag_sbref.nii.gz",
        "ses-01/func/sub-PILOT_ses-01_task-localizerEstimation_run-1_echo-2_part-phase_bold.nii.gz",
        "ses-01/func/sub-PILOT_ses-01_task-localizerEstimation_run-1_echo-2_part-phase_sbref.nii.gz",
        "ses-01/func/sub-PILOT_ses-01_task-localizerEstimation_run-1_echo-3_part-mag_bold.nii.gz",
        "ses-01/func/sub-PILOT_ses-01_task-localizerEstimation_run-1_echo-3_part-mag_sbref.nii.gz",
        "ses-01/func/sub-PILOT_ses-01_task-localizerEstimation_run-1_echo-3_part-phase_bold.nii.gz",
        "ses-01/func/sub-PILOT_ses-01_task-localizerEstimation_run-1_echo-3_part-phase_sbref.nii.gz",
        "ses-01/func/sub-PILOT_ses-01_task-localizerEstimation_run-1_echo-4_part-mag_bold.nii.gz",
        "ses-01/func/sub-PILOT_ses-01_task-localizerEstimation_run-1_echo-4_part-mag_sbref.nii.gz",
        "ses-01/func/sub-PILOT_ses-01_task-localizerEstimation_run-1_echo-4_part-phase_bold.nii.gz",
        "ses-01/func/sub-PILOT_ses-01_task-localizerEstimation_run-1_echo-4_part-phase_sbref.nii.gz"
    ],
    "MRAcquisitionType": "2D",
    "MagneticFieldStrength": 3,
    "Manufacturer": "Siemens",
    "ManufacturersModelName": "Prisma",
    "Modality": "MR",
    "PartialFourier": 1,
    "PatientPosition": "HFS",
    "PercentPhaseFOV": 100,
    "PercentSampling": 100,
    "PhaseEncodingDirection": "j",
    "PhaseEncodingSteps": 86,
    "PhaseResolution": 1,
    "PixelBandwidth": 2420,
    "ProcedureStepDescription": "Laird_Laird_DIVA",
    "ProtocolName": "fmap-epi_acq-func_dir-PA_run-01",
    "PulseSequenceDetails": "%CustomerSeq%_ep2d_se_sms_abcd",
    "ReceiveCoilActiveElements": "HEA;HEP",
    "ReceiveCoilName": "Head_32",
    "ReconMatrixPE": 86,
    "RepetitionTime": 3.94,
    "SAR": 0.218059,
    "ScanOptions": "FS",
    "ScanningSequence": "EP",
    "SequenceName": "epse2d1_86",
    "SequenceVariant": "SK_SP",
    "SeriesDescription": "fmap-epi_acq-func_dir-PA_run-01",
    "SeriesNumber": 2,
    "ShimSetting": [
        -214,
        -373,
        861,
        508,
        -44,
        334,
        -119,
        11
    ],
    "SliceThickness": 2.5,
    "SliceTiming": [
        1.98438,
        0,
        2.0625,
        0.09375,
        2.14062,
        0.17188,
        2.21875,
        0.25,
        2.29688,
        0.32812,
        2.39062,
        0.42188,
        2.46875,
        0.5,
        2.54688,
        0.57812,
        2.625,
        0.65625,
        2.71875,
        0.75,
        2.79688,
        0.82812,
        2.875,
        0.90625,
        2.96875,
        0.98438,
        3.04688,
        1.07812,
        3.125,
        1.15625,
        3.20312,
        1.23438,
        3.29688,
        1.3125,
        3.375,
        1.40625,
        3.45312,
        1.48438,
        3.53125,
        1.5625,
        3.60938,
        1.64062,
        3.70312,
        1.73438,
        3.78125,
        1.8125,
        3.85938,
        1.89062
    ],
    "SoftwareVersions": "syngo_MR_E11",
    "SpacingBetweenSlices": 2.5,
    "StationName": "AWP166003",
    "TotalReadoutTime": 0.0416507,
    "TxRefAmp": 245.333,
    "VendorReportedEchoSpacing": 0.00049,
    "WipMemBlock": "fdf72598-4197-48e6-84e2-6ba1e4fae9d1"
}