{
    "AcquisitionMatrixPE": 331,
    "AcquisitionNumber": 1,
    "AcquisitionTime": "14:35:2.890000",
    "AttenuationCorrectionMethod": "\u0080\u001f",
    "BaseResolution": 384,
    "BodyPartExamined": "BRAIN",
    "ConsistencyInfo": "N4_VE11C_LATEST_20160120",
    "ConversionSoftware": "dcm2niix",
    "ConversionSoftwareVersion": "v1.0.20201216",
    "ConvolutionKernel": "\u00d3\u00e4\u00fe\u007f",
    "DeviceSerialNumber": "166003",
    "DwellTime": 7e-06,
    "EchoTime": 0.00342,
    "FlipAngle": 18,
    "ImageOrientationPatientDICOM": [
        1,
        4.897e-12,
        0,
        -4.897e-12,
        1,
        0
    ],
    "ImageType": [
        "ORIGINAL",
        "PRIMARY",
        "M",
        "ND",
        "NORM"
    ],
    "ImagingFrequency": 123.249,
    "InPlanePhaseEncodingDirectionDICOM": "ROW",
    "InstitutionAddress": "SW 8TH ST, OE116 11200,MIAMI,Med-Lab,US,33199",
    "InstitutionName": "FIU Center For Imaging Science",
    "InstitutionalDepartmentName": "Department",
    "Interpolation2D": 1,
    "MRAcquisitionType": "3D",
    "MagneticFieldStrength": 3,
    "Manufacturer": "Siemens",
    "ManufacturersModelName": "Prisma",
    "Modality": "MR",
    "ParallelReductionFactorInPlane": 2,
    "PartialFourier": 1,
    "PatientPosition": "HFS",
    "PercentPhaseFOV": 90.625,
    "PercentSampling": 95,
    "PhaseEncodingSteps": 330,
    "PhaseResolution": 0.95,
    "PixelBandwidth": 185,
    "ProcedureStepDescription": "Laird^Laird_DIVA",
    "ProtocolName": "anat-angio_run-01",
    "PulseSequenceDetails": "%SiemensSeq%\\fl_tof",
    "ReceiveCoilActiveElements": "HEA;HEP",
    "ReceiveCoilName": "Head_32",
    "ReconMatrixPE": 696,
    "RefLinesPE": 32,
    "RepetitionTime": 0.021,
    "SAR": 0.294308,
    "ScanOptions": "SAT1",
    "ScanningSequence": "GR",
    "SequenceName": "*fl3d1r_t70",
    "SequenceVariant": "SP\\OSP",
    "SeriesDescription": "anat-angio_run-01",
    "SeriesNumber": 26,
    "ShimSetting": [
        -212,
        -447,
        663,
        15,
        47,
        53,
        0,
        14
    ],
    "SliceThickness": 0.5,
    "SoftwareVersions": "syngo MR E11",
    "SpacingBetweenSlices": 21,
    "StationName": "AWP166003",
    "TxRefAmp": 231.828,
    "Unit": ""
}