{
	"Modality": "MR",
	"MagneticFieldStrength": 3,
	"ImagingFrequency": 123.249,
	"Manufacturer": "Siemens",
	"ManufacturersModelName": "Prisma",
	"InstitutionName": "FIU Center For Imaging Science",
	"InstitutionalDepartmentName": "Department",
	"InstitutionAddress": "SW 8TH ST, OE116 11200,MIAMI,Med-Lab,US,33199",
	"DeviceSerialNumber": "166003",
	"StationName": "AWP166003",
	"BodyPartExamined": "BRAIN",
	"PatientPosition": "HFS",
	"ProcedureStepDescription": "Laird^Laird_DIVA",
	"SoftwareVersions": "syngo MR E11",
	"MRAcquisitionType": "3D",
	"SeriesDescription": "swi_acq-qsm_run-01",
	"ProtocolName": "swi_acq-qsm_run-01",
	"ScanningSequence": "GR",
	"SequenceVariant": "SP",
	"SequenceName": "*fl3d2r",
	"ImageType": ["ORIGINAL", "PRIMARY", "M", "ND"],
	"SeriesNumber": 36,
	"AcquisitionTime": "17:31:5.857500",
	"AcquisitionNumber": 1,
	"ConvolutionKernel": "K",
	"SliceThickness": 2,
	"SAR": 0.0121839,
	"EchoNumber": 1,
	"EchoTime": 0.0075,
	"RepetitionTime": 0.03,
	"FlipAngle": 15,
	"PartialFourier": 1,
	"Interpolation2D": 1,
	"BaseResolution": 256,
	"ShimSetting": [
		-199,
		-453,
		887,
		403,
		95,
		34,
		14,
		-20	],
	"TxRefAmp": 254.249,
	"PhaseResolution": 0.75,
	"ReceiveCoilName": "Head_32",
	"ReceiveCoilActiveElements": "HEA;HEP",
	"CoilString": "H7",
	"PulseSequenceDetails": "%SiemensSeq%\\gre",
	"RefLinesPE": 24,
	"ConsistencyInfo": "N4_VE11C_LATEST_20160120",
	"PercentPhaseFOV": 100,
	"PercentSampling": 75,
	"EchoTrainLength": 2,
	"PhaseEncodingSteps": 191,
	"AcquisitionMatrixPE": 192,
	"ReconMatrixPE": 512,
	"ParallelReductionFactorInPlane": 2,
	"PixelBandwidth": 465,
	"DwellTime": 4.2e-06,
	"PhaseEncodingDirection": "i",
	"ImageOrientationPatientDICOM": [
		1,
		4.897e-12,
		0,
		-4.897e-12,
		1,
		0	],
	"InPlanePhaseEncodingDirectionDICOM": "ROW",
	"ConversionSoftware": "dcm2niix",
	"ConversionSoftwareVersion": "v1.0.20201216"
}
