{
  "AcquisitionMatrixPE": 194,
  "AcquisitionNumber": 1,
  "AcquisitionTime": "14:59:35.967500",
  "BaseResolution": 288,
  "BodyPartExamined": "BRAIN",
  "ConsistencyInfo": "N4_VE11C_LATEST_20160120",
  "ConversionSoftware": "dcm2niix",
  "ConversionSoftwareVersion": "v1.0.20190410  GCC6.3.0",
  "DeviceSerialNumber": "166003",
  "DwellTime": 1.46e-05,
  "EchoTime": 0.018,
  "FlipAngle": 15,
  "ImageOrientationPatientDICOM": [1, 4.319e-12, -2.306e-12, -4.897e-12, 0.882127, -0.471012],
  "ImageType": [
    "ORIGINAL",
    "PRIMARY",
    "M",
    "SWI",
    "ND",
    "NORM"
],
  "ImagingFrequency": 123.249,
  "InPlanePhaseEncodingDirectionDICOM": "ROW",
  "InstitutionAddress": "SW_8TH_ST_OE116_11200_MIAMI_Med-Lab_US_33199",
  "InstitutionName": "FIU_Center_For_Imaging_Science",
  "InstitutionalDepartmentName": "Department",
  "MRAcquisitionType": "3D",
  "MagneticFieldStrength": 3,
  "Manufacturer": "Siemens",
  "ManufacturersModelName": "Prisma",
  "Modality": "MR",
  "PartialFourier": 1,
  "PatientPosition": "HFS",
  "PercentPhaseFOV": 75,
  "PhaseEncodingSteps": 194,
  "PhaseResolution": 0.9,
  "PixelBandwidth": 120,
  "ProcedureStepDescription": "Laird_Laird_DIVA",
  "ProtocolName": "swi_run-01",
  "PulseSequenceDetails": "%SiemensSeq%_gre",
  "ReceiveCoilActiveElements": "HEA;HEP",
  "ReceiveCoilName": "Head_32",
  "ReconMatrixPE": 216,
  "RefLinesPE": 24,
  "RepetitionTime": 0.025,
  "SAR": 0.0145539,
  "ScanningSequence": "GR",
  "SequenceName": "_swi3d1r",
  "SequenceVariant": "SP_OSP",
  "SeriesDescription": "SWI_Images",
  "SeriesNumber": 28,
  "ShimSetting": [-220, -367, 862, 548, 0, 342, -161, 17],
  "SliceThickness": 0.8,
  "SoftwareVersions": "syngo_MR_E11",
  "StationName": "AWP166003",
  "TxRefAmp": 248.958,
  "dcmmeta_affine": [
    [0.8333333134651184, -4.080833327507749e-12, 0.0, -89.16666412353516],
    [3.599166537721077e-12, 0.7351056933403015, -0.3768094778060913, -70.91431427001953],
    [1.9216666018867512e-12, 0.3925098776817322, 0.705701470375061, -104.1652603149414],
    [0.0, 0.0, 0.0, 1.0]
],
  "dcmmeta_reorient_transform": [
    [0.0, -1.0, 0.0, 287.0],
    [-1.0, 0.0, 0.0, 215.0],
    [0.0, 0.0, -1.0, 143.0],
    [0.0, 0.0, 0.0, 1.0]
],
  "dcmmeta_shape": [216, 288, 144],
  "dcmmeta_slice_dim": 2,
  "dcmmeta_version": 0.6,
  "global": {
    "const": {
      "AcquisitionMatrix": [0, 288, 194, 0],
      "AcquisitionNumber": 1,
      "AcquisitionTime": "145935.967500",
      "AngioFlag": "N",
      "BitsAllocated": 16,
      "BitsStored": 12,
      "BodyPartExamined": "BRAIN",
      "Columns": 216,
      "DeidentificationMethodCodeSequence": [
        {
          "CodeMeaning": "XNAT Edit Script",
          "CodeValue": "2",
          "CodingSchemeDesignator": "XNAT",
          "CodingSchemeVersion": "0.1"}
],
      "EchoNumbers": 1,
      "EchoTime": 18.0,
      "EchoTrainLength": 1,
      "FlipAngle": 15.0,
      "HighBit": 11,
      "ImageOrientationPatient": [1.0, 4.319e-12, -2.306e-12, -4.897e-12, 0.88212687297145, -0.4710118681961],
      "ImageType": [
        "ORIGINAL",
        "PRIMARY",
        "M",
        "SWI",
        "ND",
        "NORM"
],
      "ImagedNucleus": "1H",
      "ImagingFrequency": 123.249151,
      "InPlanePhaseEncodingDirection": "ROW",
      "MRAcquisitionType": "3D",
      "MagneticFieldStrength": 3.0,
      "Manufacturer": "SIEMENS",
      "ManufacturerModelName": "Prisma",
      "Modality": "MR",
      "NumberOfAverages": 1.0,
      "NumberOfPhaseEncodingSteps": 194,
      "PercentPhaseFieldOfView": 75.0,
      "PercentSampling": 90.0,
      "PerformedProcedureStepStartTime": "133709.629000",
      "PhotometricInterpretation": "MONOCHROME2",
      "PixelBandwidth": 120.0,
      "PixelRepresentation": 0,
      "PixelSpacing": [0.83333331346512, 0.83333331346512],
      "ProtocolName": "swi_run-01",
      "RepetitionTime": 25.0,
      "Rows": 288,
      "SAR": 0.01455388166255,
      "SamplesPerPixel": 1,
      "ScanningSequence": "GR",
      "SequenceName": "*swi3d1r",
      "SequenceVariant": [
        "SP",
        "OSP"
],
      "SeriesDescription": "SWI_Images",
      "SeriesNumber": 28,
      "SeriesTime": "150621.093000",
      "SliceThickness": 0.79999995231628,
      "SmallestImagePixelValue": 0,
      "SoftwareVersions": "syngo MR E11",
      "SpecificCharacterSet": "ISO_IR 100",
      "StudyID": "1",
      "StudyTime": "133709.444000",
      "TransmitCoilName": "Body",
      "VariableFlipAngleFlag": "N",
      "WindowCenterWidthExplanation": "Algo1",
      "dBdt": 0.0},
