{
    "AcquisitionMatrixPE": 86,
    "AcquisitionNumber": 1,
    "AcquisitionTime": "14:30:17.575000",
    "BandwidthPerPixelPhaseEncode": 23.73,
    "BaseResolution": 86,
    "BodyPartExamined": "BRAIN",
    "ConsistencyInfo": "N4_VE11C_LATEST_20160120",
    "ConversionSoftware": "dcm2niix",
    "ConversionSoftwareVersion": "v1.0.20200331",
    "DerivedVendorReportedEchoSpacing": 0.000490009,
    "DeviceSerialNumber": "166003",
    "DwellTime": 2.4e-06,
    "EchoTime": 0.047,
    "EchoTrainLength": 86,
    "EffectiveEchoSpacing": 0.000490009,
    "FlipAngle": 90,
    "ImageOrientationPatientDICOM": [
        1,
        0,
        0,
        0,
        0.866025,
        -0.5
    ],
    "ImageType": [
        "ORIGINAL",
        "PRIMARY",
        "M",
        "ND"
    ],
    "ImagingFrequency": 123.249,
    "InPlanePhaseEncodingDirectionDICOM": "COL",
    "InstitutionAddress": "SW_8TH_ST_OE116_11200_MIAMI_Med-Lab_US_33199",
    "InstitutionName": "FIU_Center_For_Imaging_Science",
    "InstitutionalDepartmentName": "Department",
    "IntendedFor": [
        "ses-01/func/sub-Bubbles_ses-01_task-SORPF_run-1_echo-1_part-mag_bold.nii.gz",
        "ses-01/func/sub-Bubbles_ses-01_task-SORPF_run-1_echo-1_part-mag_sbref.nii.gz",
        "ses-01/func/sub-Bubbles_ses-01_task-SORPF_run-1_echo-1_part-phase_bold.nii.gz",
        "ses-01/func/sub-Bubbles_ses-01_task-SORPF_run-1_echo-1_part-phase_sbref.nii.gz",
        "ses-01/func/sub-Bubbles_ses-01_task-SORPF_run-1_echo-2_part-mag_bold.nii.gz",
        "ses-01/func/sub-Bubbles_ses-01_task-SORPF_run-1_echo-2_part-mag_sbref.nii.gz",
        "ses-01/func/sub-Bubbles_ses-01_task-SORPF_run-1_echo-2_part-phase_bold.nii.gz",
        "ses-01/func/sub-Bubbles_ses-01_task-SORPF_run-1_echo-2_part-phase_sbref.nii.gz",
        "ses-01/func/sub-Bubbles_ses-01_task-SORPF_run-1_echo-3_part-mag_bold.nii.gz",
        "ses-01/func/sub-Bubbles_ses-01_task-SORPF_run-1_echo-3_part-mag_sbref.nii.gz",
        "ses-01/func/sub-Bubbles_ses-01_task-SORPF_run-1_echo-3_part-phase_bold.nii.gz",
        "ses-01/func/sub-Bubbles_ses-01_task-SORPF_run-1_echo-3_part-phase_sbref.nii.gz",
        "ses-01/func/sub-Bubbles_ses-01_task-SORPF_run-1_echo-4_part-mag_bold.nii.gz",
        "ses-01/func/sub-Bubbles_ses-01_task-SORPF_run-1_echo-4_part-mag_sbref.nii.gz",
        "ses-01/func/sub-Bubbles_ses-01_task-SORPF_run-1_echo-4_part-phase_bold.nii.gz",
        "ses-01/func/sub-Bubbles_ses-01_task-SORPF_run-1_echo-4_part-phase_sbref.nii.gz",
        "ses-01/func/sub-Bubbles_ses-01_task-SORPF_run-2_echo-1_part-mag_bold.nii.gz",
        "ses-01/func/sub-Bubbles_ses-01_task-SORPF_run-2_echo-1_part-mag_sbref.nii.gz",
        "ses-01/func/sub-Bubbles_ses-01_task-SORPF_run-2_echo-1_part-phase_bold.nii.gz",
        "ses-01/func/sub-Bubbles_ses-01_task-SORPF_run-2_echo-1_part-phase_sbref.nii.gz",
        "ses-01/func/sub-Bubbles_ses-01_task-SORPF_run-2_echo-2_part-mag_bold.nii.gz",
        "ses-01/func/sub-Bubbles_ses-01_task-SORPF_run-2_echo-2_part-mag_sbref.nii.gz",
        "ses-01/func/sub-Bubbles_ses-01_task-SORPF_run-2_echo-2_part-phase_bold.nii.gz",
        "ses-01/func/sub-Bubbles_ses-01_task-SORPF_run-2_echo-2_part-phase_sbref.nii.gz",
        "ses-01/func/sub-Bubbles_ses-01_task-SORPF_run-2_echo-3_part-mag_bold.nii.gz",
        "ses-01/func/sub-Bubbles_ses-01_task-SORPF_run-2_echo-3_part-mag_sbref.nii.gz",
        "ses-01/func/sub-Bubbles_ses-01_task-SORPF_run-2_echo-3_part-phase_bold.nii.gz",
        "ses-01/func/sub-Bubbles_ses-01_task-SORPF_run-2_echo-3_part-phase_sbref.nii.gz",
        "ses-01/func/sub-Bubbles_ses-01_task-SORPF_run-2_echo-4_part-mag_bold.nii.gz",
        "ses-01/func/sub-Bubbles_ses-01_task-SORPF_run-2_echo-4_part-mag_sbref.nii.gz",
        "ses-01/func/sub-Bubbles_ses-01_task-SORPF_run-2_echo-4_part-phase_bold.nii.gz",
        "ses-01/func/sub-Bubbles_ses-01_task-SORPF_run-2_echo-4_part-phase_sbref.nii.gz"
    ],
    "MRAcquisitionType": "2D",
    "MagneticFieldStrength": 3,
    "Manufacturer": "Siemens",
    "ManufacturersModelName": "Prisma",
    "Modality": "MR",
    "PartialFourier": 1,
    "PatientPosition": "HFS",
    "PercentPhaseFOV": 100,
    "PercentSampling": 100,
    "PhaseEncodingDirection": "j",
    "PhaseEncodingSteps": 86,
    "PhaseResolution": 1,
    "PixelBandwidth": 2420,
    "ProcedureStepDescription": "Laird_Laird_DIVA",
    "ProtocolName": "fmap-epi_acq-func_dir-PA_run-02",
    "PulseSequenceDetails": "%CustomerSeq%_ep2d_se_sms_abcd",
    "ReceiveCoilActiveElements": "HEA;HEP",
    "ReceiveCoilName": "Head_32",
    "ReconMatrixPE": 86,
    "RepetitionTime": 3.94,
    "SAR": 0.188744,
    "ScanOptions": "FS",
    "ScanningSequence": "EP",
    "SequenceName": "epse2d1_86",
    "SequenceVariant": "SK_SP",
    "SeriesDescription": "fmap-epi_acq-func_dir-PA_run-02",
    "SeriesNumber": 23,
    "ShimSetting": [
        -215,
        -405,
        874,
        310,
        2,
        394,
        30,
        3
    ],
    "SliceThickness": 2.5,
    "SliceTiming": [
        1.96875,
        0,
        2.04688,
        0.07812,
        2.125,
        0.15625,
        2.20312,
        0.23438,
        2.29688,
        0.32812,
        2.375,
        0.40625,
        2.45312,
        0.48438,
        2.54688,
        0.57812,
        2.625,
        0.65625,
        2.70312,
        0.73438,
        2.78125,
        0.8125,
        2.875,
        0.89062,
        2.95312,
        0.98438,
        3.03125,
        1.0625,
        3.10938,
        1.14062,
        3.20312,
        1.21875,
        3.28125,
        1.3125,
        3.35938,
        1.39062,
        3.4375,
        1.46875,
        3.53125,
        1.5625,
        3.60938,
        1.64062,
        3.6875,
        1.71875,
        3.76562,
        1.79688,
        3.85938,
        1.89062
    ],
    "SoftwareVersions": "syngo_MR_E11",
    "SpacingBetweenSlices": 2.5,
    "StationName": "AWP166003",
    "TotalReadoutTime": 0.0416507,
    "TxRefAmp": 233.386,
    "VendorReportedEchoSpacing": 0.00049,
    "WipMemBlock": "9654fe78-069b-41b2-9fd3-762b45a2948b"
}